GEM
  remote: http://rubygems.org/
  specs:
    curb (0.7.9)
    mini_portile2 (2.6.1)
    nokogiri (1.12.5)
      mini_portile2 (~> 2.6.1)
      racc (~> 1.4)
    racc (1.5.2)
    rspec (1.3.0)

PLATFORMS
  ruby

DEPENDENCIES
  curb
  nokogiri
  rspec (= 1.3.0)
