GEM
  remote: http://rubygems.org/
  specs:
    curb (0.7.9)
    mini_portile2 (2.8.0)
    nokogiri (1.13.9)
      mini_portile2 (~> 2.8.0)
      racc (~> 1.4)
    racc (1.6.0)
    rspec (1.3.0)

PLATFORMS
  ruby

DEPENDENCIES
  curb
  nokogiri
  rspec (= 1.3.0)
