GEM
  remote: http://rubygems.org/
  specs:
    curb (0.7.9)
    mini_portile2 (2.4.0)
    nokogiri (1.10.4)
      mini_portile2 (~> 2.4.0)
    rspec (1.3.0)

PLATFORMS
  ruby

DEPENDENCIES
  curb
  nokogiri
  rspec (= 1.3.0)
