GEM
  remote: http://rubygems.org/
  specs:
    curb (0.7.9)
    nokogiri (1.4.4)
    rspec (1.3.0)

PLATFORMS
  ruby

DEPENDENCIES
  curb
  nokogiri
  rspec (= 1.3.0)
